GIT
  remote: git://github.com/indirect/dalli.git
  revision: 4be6be64e643eaaef76310ad6e67ffef8ce32980
  specs:
    dalli (2.7.4)

GIT
  remote: git://github.com/indirect/metriks-librato_metrics.git
  revision: b4dc3fbbb51f85c2317f22911adfb0389d62e80d
  specs:
    metriks-librato_metrics (1.0.3)
      metriks (>= 0.9.9.6)

GEM
  remote: https://rubygems.org/
  specs:
    aggregate (0.2.2)
    appsignal (0.11.6.beta.0)
      rack
      thread_safe
    artifice (0.6)
      rack-test
    ast (2.1.0)
    astrolabe (1.3.1)
      parser (~> 2.2)
    atomic (1.1.99)
    avl_tree (1.2.1)
      atomic (~> 1.1)
    diff-lcs (1.2.5)
    dotenv (1.0.2)
    faraday (0.9.1)
      multipart-post (>= 1.2, < 3)
    foreman (0.77.0)
      dotenv (~> 1.0.2)
      thor (~> 0.19.1)
    hitimes (1.2.2)
    librato-metrics (1.5.0)
      aggregate (~> 0.2.2)
      faraday (~> 0.7)
      multi_json
    lock-smith (1.0.0)
    metriks (0.9.9.7)
      atomic (~> 1.0)
      avl_tree (~> 1.2.0)
      hitimes (~> 1.1)
    metriks-middleware (2.1.1)
      metriks (~> 0.9.9)
    multi_json (1.10.1)
    multipart-post (2.0.0)
    parser (2.2.2.6)
      ast (>= 1.1, < 3.0)
    pg (0.18.1)
    powerpack (0.1.1)
    puma (2.11.3)
      rack (>= 1.1, < 2.0)
    rack (1.6.4)
    rack-protection (1.5.3)
      rack
    rack-test (0.6.2)
      rack (>= 1.0)
    rainbow (2.0.0)
    rake (10.4.2)
    redis (3.2.0)
    rspec-core (3.1.7)
      rspec-support (~> 3.1.0)
    rspec-expectations (3.1.2)
      diff-lcs (>= 1.2.0, < 2.0)
      rspec-support (~> 3.1.0)
    rspec-mocks (3.1.3)
      rspec-support (~> 3.1.0)
    rspec-support (3.1.2)
    rubocop (0.33.0)
      astrolabe (~> 1.3)
      parser (>= 2.2.2.5, < 3.0)
      powerpack (~> 0.1)
      rainbow (>= 1.99.1, < 3.0)
      ruby-progressbar (~> 1.4)
    ruby-progressbar (1.7.5)
    sequel (4.18.0)
    sequel_pg (1.6.11)
      pg (>= 0.8.0)
      sequel (>= 3.39.0)
    sinatra (1.4.5)
      rack (~> 1.4)
      rack-protection (~> 1.4)
      tilt (~> 1.3, >= 1.3.4)
    thor (0.19.1)
    thread_safe (0.3.4)
    tilt (1.4.1)

PLATFORMS
  ruby

DEPENDENCIES
  appsignal (= 0.11.6.beta.0)
  artifice
  dalli!
  dotenv
  foreman
  librato-metrics
  lock-smith
  metriks-librato_metrics!
  metriks-middleware
  pg
  puma
  rack-test
  rake
  redis
  rspec-core
  rspec-expectations
  rspec-mocks
  rubocop
  sequel
  sequel_pg
  sinatra

BUNDLED WITH
   1.10.6
